GEM
  remote: http://rubygems.org/
  specs:
    diff-lcs (1.1.2)
    git (1.2.5)
    jeweler (1.5.2)
      bundler (~> 1.0.0)
      git (>= 1.2.5)
      rake
    nokogiri (1.4.4)
    rake (0.8.7)
    rcov (0.9.9)
    redis (2.1.1)
    redis-namespace (0.10.0)
      redis (< 3.0.0)
    rspec (2.5.0)
      rspec-core (~> 2.5.0)
      rspec-expectations (~> 2.5.0)
      rspec-mocks (~> 2.5.0)
    rspec-core (2.5.1)
    rspec-expectations (2.5.0)
      diff-lcs (~> 1.1.2)
    rspec-mocks (2.5.0)

PLATFORMS
  ruby

DEPENDENCIES
  bundler (~> 1.0.10)
  jeweler (~> 1.5.2)
  nokogiri (~> 1.4.4)
  rcov
  redis-namespace (~> 0.1)
  rspec (~> 2.5.0)
